GEM
  remote: https://rubygems.org/
  specs:
    ascii_binder (0.1.8)
      asciidoctor (~> 1.5.4)
      asciidoctor-diagram
      git
      guard
      guard-livereload
      guard-shell
      haml
      json
      pandoc-ruby
      rake (~> 10.0)
      sitemap_generator (~> 5.1.0)
      tilt
      trollop (~> 2.1.2)
      yajl-ruby
    asciidoctor (1.5.5)
    asciidoctor-diagram (1.5.2)
      asciidoctor (~> 1.5.0)
    asdf (0.5.0)
      rack (~> 1.2.1)
    builder (3.2.2)
    coderay (1.1.1)
    em-websocket (0.5.1)
      eventmachine (>= 0.12.9)
      http_parser.rb (~> 0.6.0)
    eventmachine (1.2.1)
    ffi (1.9.14)
    formatador (0.2.5)
    git (1.3.0)
    guard (2.14.0)
      formatador (>= 0.2.4)
      listen (>= 2.7, < 4.0)
      lumberjack (~> 1.0)
      nenv (~> 0.1)
      notiffany (~> 0.0)
      pry (>= 0.9.12)
      shellany (~> 0.0)
      thor (>= 0.18.1)
    guard-compat (1.2.1)
    guard-livereload (2.5.2)
      em-websocket (~> 0.5)
      guard (~> 2.8)
      guard-compat (~> 1.0)
      multi_json (~> 1.8)
    guard-shell (0.7.1)
      guard (>= 2.0.0)
      guard-compat (~> 1.0)
    haml (4.0.7)
      tilt
    http_parser.rb (0.6.0)
    json (2.0.2)
    listen (3.1.5)
      rb-fsevent (~> 0.9, >= 0.9.4)
      rb-inotify (~> 0.9, >= 0.9.7)
      ruby_dep (~> 1.2)
    lumberjack (1.0.10)
    method_source (0.8.2)
    multi_json (1.12.1)
    nenv (0.3.0)
    notiffany (0.1.1)
      nenv (~> 0.1)
      shellany (~> 0.0)
    pandoc-ruby (2.0.1)
    pry (0.10.4)
      coderay (~> 1.1.0)
      method_source (~> 0.8.1)
      slop (~> 3.4)
    rack (1.2.8)
    rake (10.5.0)
    rb-fsevent (0.9.8)
    rb-inotify (0.9.7)
      ffi (>= 0.5.0)
    ruby_dep (1.5.0)
    shellany (0.0.1)
    sitemap_generator (5.1.0)
      builder
    slop (3.6.0)
    thor (0.19.4)
    tilt (2.0.5)
    trollop (2.1.2)
    yajl-ruby (1.3.0)

PLATFORMS
  ruby

DEPENDENCIES
  ascii_binder (= 0.1.8)
  asdf (= 0.5.0)

BUNDLED WITH
   1.10.6
